GEM
  remote: https://rubygems.org/
  specs:
    actionmailer (2.3.14)
      actionpack (= 2.3.14)
    actionpack (2.3.14)
      activesupport (= 2.3.14)
      rack (~> 1.1.0)
    activerecord (2.3.14)
      activesupport (= 2.3.14)
    activerecord-lazy-attributes (0.0.5)
      activerecord (~> 2.3)
    activeresource (2.3.14)
      activesupport (= 2.3.14)
    activesupport (2.3.14)
    cgi_multipart_eof_fix (2.5.0)
    daemons (1.1.8)
    fastthread (1.0.7)
    gem_plugin (0.2.3)
    git (1.2.5)
    json (1.6.5)
    json_pure (1.6.5)
    mongrel (1.1.5)
      cgi_multipart_eof_fix (>= 2.4)
      daemons (>= 1.0.3)
      fastthread (>= 1.0.1)
      gem_plugin (>= 0.2.3)
    mysql (2.8.1)
    rack (1.1.3)
    rails (2.3.14)
      actionmailer (= 2.3.14)
      actionpack (= 2.3.14)
      activerecord (= 2.3.14)
      activeresource (= 2.3.14)
      activesupport (= 2.3.14)
      rake (>= 0.8.3)
    rake (0.9.2.2)
    rdoc (3.9.4)
    rspec (1.3.2)
    rspec-rails (1.3.4)
      rack (>= 1.0.0)
      rspec (~> 1.3.1)
    rubyforge (2.0.4)
      json_pure (>= 1.1.7)
    technicalpickles-jeweler (1.2.1)
      git (>= 1.2.1)
      rubyforge

PLATFORMS
  ruby

DEPENDENCIES
  activerecord-lazy-attributes
  json
  mongrel
  mysql (~> 2.8)
  rails (~> 2.3)
  rake
  rdoc (>= 2.4.2)
  rspec-rails
  technicalpickles-jeweler
