GEM
  remote: https://rubygems.org/
  remote: http://gems.github.com/
  specs:
    actionmailer (2.3.14)
      actionpack (= 2.3.14)
    actionpack (2.3.14)
      activesupport (= 2.3.14)
      rack (~> 1.1.0)
    activerecord (2.3.14)
      activesupport (= 2.3.14)
    activerecord-lazy-attributes (0.0.5)
      activerecord (~> 2.3)
    activeresource (2.3.14)
      activesupport (= 2.3.14)
    activesupport (2.3.14)
    builder (3.0.0)
    cgi_multipart_eof_fix (2.5.0)
    cucumber (1.0.2)
      builder (>= 2.1.2)
      diff-lcs (>= 1.1.2)
      gherkin (~> 2.4.5)
      json (>= 1.4.6)
      term-ansicolor (>= 1.0.5)
    cucumber-rails (0.2.2)
      cucumber (>= 0.5.1)
    daemon-spawn (0.4.2)
    daemons (1.1.8)
    database_cleaner (0.2.3)
    diff-lcs (1.1.3)
    eventmachine (1.0.3)
    fastthread (1.0.7)
    gem_plugin (0.2.3)
    gherkin (2.4.16)
      json (>= 1.4.6)
    git (1.2.6)
    infopark-politics (0.3.3)
      memcache-client (>= 1.5.0)
      net-mdns (>= 0.4)
      starling-starling (>= 0.9.8)
    jeweler (1.8.4)
      bundler (~> 1.0)
      git (>= 1.2.5)
      rake
      rdoc
    json (1.6.5)
    memcache-client (1.8.5)
    mongrel (1.1.5)
      cgi_multipart_eof_fix (>= 2.4)
      daemons (>= 1.0.3)
      fastthread (>= 1.0.1)
      gem_plugin (>= 0.2.3)
    mysql (2.8.1)
    net-mdns (0.4)
    nokogiri (1.5.2)
    rack (1.1.3)
    rails (2.3.14)
      actionmailer (= 2.3.14)
      actionpack (= 2.3.14)
      activerecord (= 2.3.14)
      activeresource (= 2.3.14)
      activesupport (= 2.3.14)
      rake (>= 0.8.3)
    rake (0.9.2.2)
    rdoc (3.9.4)
    rspec (1.3.2)
    rspec-rails (1.3.4)
      rack (>= 1.0.0)
      rspec (~> 1.3.1)
    spork (0.9.0)
    sqlite3 (1.3.5)
    starling-starling (0.10.0)
      eventmachine (>= 0.12.0)
      memcache-client (>= 1.7.0)
    term-ansicolor (1.0.6)
    webrat (0.6.0)
      nokogiri (>= 1.2.0)
      rack (>= 1.0)

PLATFORMS
  ruby

DEPENDENCIES
  activerecord-lazy-attributes
  cucumber
  cucumber-rails (>= 0.2.2)
  daemon-spawn
  database_cleaner (>= 0.2.3)
  infopark-politics (>= 0.3.3)
  jeweler
  json
  mongrel
  mysql (~> 2.8)
  rails (~> 2.3)
  rake
  rdoc (>= 2.4.2)
  rspec-rails
  spork
  sqlite3
  webrat (>= 0.6.0)
